GEM
  remote: https://rubygems.org/
  specs:
    chunky_png (1.4.0)

PLATFORMS
  x64-mingw-ucrt

DEPENDENCIES
  chunky_png

BUNDLED WITH
   2.3.26
