GEM
  remote: https://rubygems.org/
  specs:
    chunky_png (1.4.0)

PLATFORMS
  arm64-darwin-22
  ruby

DEPENDENCIES
  chunky_png

BUNDLED WITH
   2.5.9
